GEM
  remote: http://rubygems.org/
  specs:
    colored (1.2)
    diff-lcs (1.1.2)
    git (1.2.5)
    jeweler (1.6.4)
      bundler (~> 1.0)
      git (>= 1.2.5)
      rake
    mocha (0.9.9)
      rake
    rake (0.9.2)
    rcov (0.9.9)
    rspec (2.1.0)
      rspec-core (~> 2.1.0)
      rspec-expectations (~> 2.1.0)
      rspec-mocks (~> 2.1.0)
    rspec-core (2.1.0)
    rspec-expectations (2.1.0)
      diff-lcs (~> 1.1.2)
    rspec-mocks (2.1.0)
    xdg (2.2.1)

PLATFORMS
  ruby

DEPENDENCIES
  bundler
  colored
  jeweler
  mocha
  rcov
  rspec
  xdg (= 2.2.1)
